GEM
  remote: http://rubygems.org/
  specs:
    activemodel (3.0.4)
      activesupport (= 3.0.4)
      builder (~> 2.1.2)
      i18n (~> 0.4)
    activesupport (3.0.4)
    arel (0.4.0)
      activesupport (>= 3.0.0.beta)
    builder (2.1.2)
    cramp (0.12)
      activesupport (~> 3.0.4)
      eventmachine (~> 0.12.10)
      rack (~> 1.2.1)
    daemons (1.1.0)
    eventmachine (0.12.10)
    fuzzyhash (0.0.11)
    i18n (0.5.0)
    mysqlplus (0.1.2)
    rack (1.2.1)
    thin (1.2.7)
      daemons (>= 1.0.9)
      eventmachine (>= 0.12.6)
      rack (>= 1.0.0)
    tramp (0.1)
      activemodel (~> 3.0.0.beta4)
      activesupport (~> 3.0.0.beta4)
      arel (~> 0.4.0)
      mysqlplus (~> 0.1.1)
    usher (0.8.3)
      fuzzyhash (>= 0.0.11)

PLATFORMS
  ruby

DEPENDENCIES
  activesupport (= 3.0.4)
  cramp (~> 0.12)
  eventmachine (~> 0.12.10)
  rack (~> 1.2.1)
  thin (~> 1.2.7)
  tramp (~> 0.1)
  usher (~> 0.8.3)
